PATH
  remote: .
  specs:
    cgla_case_chart_assister (0.1.0)
      pdf-forms
      roo

GEM
  remote: https://rubygems.org/
  specs:
    cliver (0.3.2)
    diff-lcs (1.3)
    mini_portile2 (2.4.0)
    nokogiri (1.10.9)
      mini_portile2 (~> 2.4.0)
    pdf-forms (1.2.0)
      cliver (~> 0.3.2)
      safe_shell (>= 1.0.3, < 2.0)
    rake (10.5.0)
    roo (2.8.3)
      nokogiri (~> 1)
      rubyzip (>= 1.3.0, < 3.0.0)
    rspec (3.8.0)
      rspec-core (~> 3.8.0)
      rspec-expectations (~> 3.8.0)
      rspec-mocks (~> 3.8.0)
    rspec-core (3.8.2)
      rspec-support (~> 3.8.0)
    rspec-expectations (3.8.4)
      diff-lcs (>= 1.2.0, < 2.0)
      rspec-support (~> 3.8.0)
    rspec-mocks (3.8.1)
      diff-lcs (>= 1.2.0, < 2.0)
      rspec-support (~> 3.8.0)
    rspec-support (3.8.2)
    rubyzip (2.3.0)
    safe_shell (1.1.0)

PLATFORMS
  ruby

DEPENDENCIES
  bundler (~> 1.17)
  cgla_case_chart_assister!
  rake (~> 10.0)
  rspec (~> 3.0)

BUNDLED WITH
   1.17.2
